GEM
  remote: http://rubygems.org/
  specs:
    power_assert (0.3.0)
    test-unit (3.1.8)
      power_assert

PLATFORMS
  ruby

DEPENDENCIES
  test-unit

BUNDLED WITH
   1.11.2
